GEM
  remote: http://rubygems.org/
  specs:
    open4 (1.0.1)
    thor (0.14.6)

PLATFORMS
  ruby

DEPENDENCIES
  open4
  thor
