GEM
  remote: http://rubygems.org/
  specs:
    open4 (1.0.1)
    right_aws (2.1.0)
      right_http_connection (>= 1.2.5)
    right_http_connection (1.3.0)
    thor (0.14.6)

PLATFORMS
  ruby

DEPENDENCIES
  open4
  right_aws
  thor
