GIT
  remote: git://github.com/rapportive-oss/right_aws.git
  revision: 6b3ead71d1424da196eb5f251b49489541295264
  specs:
    right_aws (2.2.2)
      right_http_connection (>= 1.2.5)

GEM
  remote: http://rubygems.org/
  specs:
    open4 (1.0.1)
    right_http_connection (1.3.0)
    thor (0.14.6)

PLATFORMS
  ruby

DEPENDENCIES
  open4
  right_aws (~> 2.2.2)!
  thor
